PATH
  remote: .
  specs:
    code_teams (1.0.2)
      sorbet-runtime

GEM
  remote: https://rubygems.org/
  specs:
    coderay (1.1.3)
    diff-lcs (1.4.4)
    method_source (1.0.0)
    pry (0.14.1)
      coderay (~> 1.1)
      method_source (~> 1.0)
    rake (13.0.6)
    rspec (3.10.0)
      rspec-core (~> 3.10.0)
      rspec-expectations (~> 3.10.0)
      rspec-mocks (~> 3.10.0)
    rspec-core (3.10.1)
      rspec-support (~> 3.10.0)
    rspec-expectations (3.10.1)
      diff-lcs (>= 1.2.0, < 2.0)
      rspec-support (~> 3.10.0)
    rspec-mocks (3.10.2)
      diff-lcs (>= 1.2.0, < 2.0)
      rspec-support (~> 3.10.0)
    rspec-support (3.10.2)
    sorbet (0.5.9889)
      sorbet-static (= 0.5.9889)
    sorbet-runtime (0.5.9976)
    sorbet-static (0.5.9889-universal-darwin-20)
    sorbet-static (0.5.9889-universal-darwin-21)
    sorbet-static (0.5.9889-x86_64-linux)

PLATFORMS
  arm64-darwin-20
  arm64-darwin-21
  x86_64-darwin-20
  x86_64-linux

DEPENDENCIES
  code_teams!
  pry
  rake
  rspec (~> 3.0)
  sorbet

BUNDLED WITH
   2.4.7
